GEM
  remote: https://rubygems.org/
  specs:
    colorize (0.7.3)
    mini_portile (0.6.1)
    nokogiri (1.6.4.1)
      mini_portile (~> 0.6.0)

PLATFORMS
  ruby

DEPENDENCIES
  colorize
  nokogiri (~> 1.5)
